GEM
  remote: https://rubygems.org/
  specs:
    dotenv (2.7.6)
    dropbox_api (0.1.18)
      faraday (<= 1.0)
      oauth2 (~> 1.1)
    faraday (1.0.0)
      multipart-post (>= 1.2, < 3)
    gdbm (2.1.0)
    jwt (2.2.2)
    multi_json (1.15.0)
    multi_xml (0.6.0)
    multipart-post (2.1.1)
    oauth2 (1.4.4)
      faraday (>= 0.8, < 2.0)
      jwt (>= 1.0, < 3.0)
      multi_json (~> 1.3)
      multi_xml (~> 0.5)
      rack (>= 1.2, < 3)
    rack (2.2.3)

PLATFORMS
  ruby

DEPENDENCIES
  dotenv
  dropbox_api
  gdbm

BUNDLED WITH
   2.1.4
